GIT
  remote: git://github.com/amatsuda/i18n_generators.git
  revision: 48bd8fc767fcc2c612a45bcbec159d48590056b0
  specs:
    i18n_generators (1.2.1)
      mechanize
      rails (>= 3.0.0)

GIT
  remote: git://github.com/jnicklas/capybara.git
  revision: e73628d558e4789e5916f9c0350bed79cc0c0d39
  specs:
    capybara (2.0.0.beta2)
      mime-types (>= 1.16)
      nokogiri (>= 1.3.3)
      rack (>= 1.0.0)
      rack-test (>= 0.5.4)
      selenium-webdriver (~> 2.0)
      xpath (~> 1.0.0.beta1)

GIT
  remote: git://github.com/metaskills/less-rails.git
  revision: 36c029282476e91abd96b86c3429c32ab5cd8c57
  specs:
    less-rails (2.2.4)
      actionpack (>= 3.1)
      less (~> 2.2.0)

GIT
  remote: git://github.com/rails/activerecord-deprecated_finders.git
  revision: fe150f26f009cef370658b7c19db1629b2448952
  specs:
    activerecord-deprecated_finders (0.0.1)

GIT
  remote: git://github.com/rails/coffee-rails.git
  revision: acd81779ed72c9a0ece7e901e609e0bebe24c0fe
  specs:
    coffee-rails (4.0.0.beta)
      coffee-script (>= 2.2.0)
      railties (>= 4.0.0.beta, < 5.0)

GIT
  remote: git://github.com/rails/journey.git
  revision: 850267edd7f19633a6868110d523f86f147c1653
  specs:
    journey (2.0.0.20120723141804)

GIT
  remote: git://github.com/rails/rails.git
  revision: 55d153ea8d3a6cc9e30636f0dbf423cac16c4ae7
  specs:
    actionmailer (4.0.0.beta)
      actionpack (= 4.0.0.beta)
      mail (~> 2.4.4)
    actionpack (4.0.0.beta)
      activesupport (= 4.0.0.beta)
      builder (~> 3.1.0)
      erubis (~> 2.7.0)
      journey (~> 2.0.0)
      rack (~> 1.4.1)
      rack-test (~> 0.6.1)
    activemodel (4.0.0.beta)
      activesupport (= 4.0.0.beta)
      builder (~> 3.1.0)
    activerecord (4.0.0.beta)
      activemodel (= 4.0.0.beta)
      activerecord-deprecated_finders (= 0.0.1)
      activesupport (= 4.0.0.beta)
      arel (~> 3.0.2)
    activesupport (4.0.0.beta)
      i18n (~> 0.6)
      minitest (~> 4.1)
      multi_json (~> 1.3)
      tzinfo (~> 0.3.33)
    rails (4.0.0.beta)
      actionmailer (= 4.0.0.beta)
      actionpack (= 4.0.0.beta)
      activerecord (= 4.0.0.beta)
      activesupport (= 4.0.0.beta)
      bundler (~> 1.2)
      railties (= 4.0.0.beta)
      sprockets-rails (~> 2.0)
    railties (4.0.0.beta)
      actionpack (= 4.0.0.beta)
      activesupport (= 4.0.0.beta)
      rake (>= 0.8.7)
      rdoc (~> 3.4)
      thor (>= 0.15.4, < 2.0)

GIT
  remote: git://github.com/rails/sass-rails.git
  revision: 8c70a639e5f8437cd2c99de43f65275259aff4f7
  specs:
    sass-rails (4.0.0.beta)
      railties (>= 4.0.0.beta, < 5.0)
      sass (>= 3.1.10)
      sprockets-rails (~> 2.0)
      tilt (~> 1.3)

GIT
  remote: git://github.com/rails/sprockets-rails.git
  revision: c1513aee88a37581fe73f7b2b55e3cb6bdf610eb
  specs:
    sprockets-rails (2.0.0)
      actionpack (>= 3.0)
      sprockets (~> 2.8)

GIT
  remote: git://github.com/rspec/rspec-core.git
  revision: 5d28318b51bf212c215ba1392fb24cc5a52dbe06
  specs:
    rspec-core (2.11.1)

GIT
  remote: git://github.com/rspec/rspec-expectations.git
  revision: f4f2a29acf6969f499dacda0259a38cbf5f3fb42
  specs:
    rspec-expectations (2.11.3)
      diff-lcs (~> 1.1.3)

GIT
  remote: git://github.com/rspec/rspec-mocks.git
  revision: b82e1fe59623067d8f436770198dc7cd9a8bf4e1
  specs:
    rspec-mocks (2.11.3)

GIT
  remote: git://github.com/rspec/rspec-rails.git
  revision: 087f8f19d64955916b3277e486ee6349c3ea87e5
  specs:
    rspec-rails (2.11.4)
      actionpack (>= 3.0)
      activesupport (>= 3.0)
      railties (>= 3.0)
      rspec-core (~> 2.11.0)
      rspec-expectations (~> 2.11.0)
      rspec-mocks (~> 2.11.0)

GIT
  remote: git://github.com/rspec/rspec.git
  revision: 3c5104f7be7c110f35f88433b5e8dae228fe991e
  specs:
    rspec (2.11.0)
      rspec-core (~> 2.11.0)
      rspec-expectations (~> 2.11.0)
      rspec-mocks (~> 2.11.0)

GIT
  remote: git://github.com/seyhunak/twitter-bootstrap-rails.git
  revision: f2ea582e5563a5f7cd3a9fa6a42380452cb59851
  specs:
    twitter-bootstrap-rails (2.1.4)
      actionpack (>= 3.1)
      less-rails (~> 2.2.3)
      railties (>= 3.1)
      therubyracer (>= 0.10.2)

GIT
  remote: git://github.com/sstephenson/sprockets.git
  revision: 36edf5e3e83c268da06166e2ed31c0d479be2bbe
  specs:
    sprockets (2.8.0)
      hike (~> 1.2)
      multi_json (~> 1.0)
      rack (~> 1.0)
      tilt (~> 1.1, != 1.3.0)

GEM
  remote: https://rubygems.org/
  specs:
    addressable (2.3.2)
    arel (3.0.2)
    binding_of_caller (0.6.8)
    builder (3.1.4)
    capistrano (2.13.4)
      highline
      net-scp (>= 1.0.0)
      net-sftp (>= 2.0.0)
      net-ssh (>= 2.0.14)
      net-ssh-gateway (>= 1.1.0)
    capistrano_colors (0.5.5)
    childprocess (0.3.6)
      ffi (~> 1.0, >= 1.0.6)
    coderay (1.0.8)
    coffee-script (2.2.0)
      coffee-script-source
      execjs
    coffee-script-source (1.3.3)
    columnize (0.3.6)
    commonjs (0.2.6)
    database_cleaner (0.9.1)
    debugger (1.1.4)
      columnize (>= 0.3.1)
      debugger-linecache (~> 1.1.1)
      debugger-ruby_core_source (~> 1.1.3)
    debugger-linecache (1.1.2)
      debugger-ruby_core_source (>= 1.1.1)
    debugger-ruby_core_source (1.1.4)
    diff-lcs (1.1.3)
    domain_name (0.5.4)
      unf (~> 0.0.3)
    em-websocket (0.3.8)
      addressable (>= 2.1.1)
      eventmachine (>= 0.12.9)
    erubis (2.7.0)
    eventmachine (1.0.0)
    execjs (1.4.0)
      multi_json (~> 1.0)
    factory_girl (4.1.0)
      activesupport (>= 3.0.0)
    faraday (0.8.4)
      multipart-post (~> 1.1)
    faraday_middleware (0.8.8)
      faraday (>= 0.7.4, < 0.9)
    ffi (1.1.5)
    guard (1.4.0)
      listen (>= 0.4.2)
      thor (>= 0.14.6)
    guard-livereload (1.0.1)
      em-websocket (>= 0.2.0)
      guard (>= 1.1.0)
      multi_json (~> 1.0)
    hashie (1.2.0)
    highline (1.6.15)
    hike (1.2.1)
    httpauth (0.2.0)
    i18n (0.6.1)
    jquery-rails (2.1.3)
      railties (>= 3.1.0, < 5.0)
      thor (~> 0.14)
    json (1.7.5)
    jwt (0.1.5)
      multi_json (>= 1.0)
    kgio (2.7.4)
    launchy (2.1.2)
      addressable (~> 2.3)
    less (2.2.2)
      commonjs (~> 0.2.6)
    libv8 (3.3.10.4)
    libwebsocket (0.1.5)
      addressable
    listen (0.5.3)
    mail (2.4.4)
      i18n (>= 0.4.0)
      mime-types (~> 1.16)
      treetop (~> 1.4.8)
    mechanize (2.5.1)
      domain_name (~> 0.5, >= 0.5.1)
      mime-types (~> 1.17, >= 1.17.2)
      net-http-digest_auth (~> 1.1, >= 1.1.1)
      net-http-persistent (~> 2.5, >= 2.5.2)
      nokogiri (~> 1.4)
      ntlm-http (~> 0.1, >= 0.1.1)
      webrobots (~> 0.0, >= 0.0.9)
    method_source (0.8.1)
    mime-types (1.19)
    minitest (4.1.0)
    multi_json (1.3.6)
    multipart-post (1.1.5)
    mysql2 (0.3.11)
    net-http-digest_auth (1.2.1)
    net-http-persistent (2.8)
    net-scp (1.0.4)
      net-ssh (>= 1.99.1)
    net-sftp (2.0.5)
      net-ssh (>= 2.0.9)
    net-ssh (2.6.1)
    net-ssh-gateway (1.1.0)
      net-ssh (>= 1.99.1)
    nokogiri (1.5.5)
    ntlm-http (0.1.1)
    oauth2 (0.8.0)
      faraday (~> 0.8)
      httpauth (~> 0.1)
      jwt (~> 0.1.4)
      multi_json (~> 1.0)
      rack (~> 1.2)
    octokit (1.18.0)
      addressable (~> 2.2)
      faraday (~> 0.8)
      faraday_middleware (~> 0.8)
      hashie (~> 1.2)
      multi_json (~> 1.3)
    omniauth (1.1.1)
      hashie (~> 1.2)
      rack
    omniauth-github (1.0.3)
      omniauth (~> 1.0)
      omniauth-oauth2 (~> 1.1)
    omniauth-oauth2 (1.1.1)
      oauth2 (~> 0.8.0)
      omniauth (~> 1.0)
    polyglot (0.3.3)
    pry (0.9.10)
      coderay (~> 1.0.5)
      method_source (~> 0.8)
      slop (~> 3.3.1)
    pry-debugger (0.2.0)
      debugger (~> 1.1.3)
      pry (~> 0.9.9)
    pry-remote (0.1.6)
      pry (~> 0.9)
      slop (~> 3.0)
    pry-stack_explorer (0.4.7)
      binding_of_caller (~> 0.6.8)
    rack (1.4.1)
    rack-livereload (0.3.8)
      rack
    rack-test (0.6.2)
      rack (>= 1.0)
    rails_config (0.3.1)
      activesupport (>= 3.0)
    raindrops (0.10.0)
    rake (0.9.2.2)
    rb-fsevent (0.9.2)
    rdoc (3.12)
      json (~> 1.4)
    rubyzip (0.9.9)
    sass (3.2.1)
    selenium-webdriver (2.25.0)
      childprocess (>= 0.2.5)
      libwebsocket (~> 0.1.3)
      multi_json (~> 1.0)
      rubyzip
    slop (3.3.3)
    therubyracer (0.10.2)
      libv8 (~> 3.3.10)
    thor (0.16.0)
    tilt (1.3.3)
    treetop (1.4.11)
      polyglot
      polyglot (>= 0.3.1)
    turbolinks (0.5.1)
    tzinfo (0.3.33)
    uglifier (1.3.0)
      execjs (>= 0.3.0)
      multi_json (~> 1.0, >= 1.0.2)
    unf (0.0.5)
      unf_ext
    unf_ext (0.0.5)
    unicorn (4.4.0)
      kgio (~> 2.6)
      rack
      raindrops (~> 0.7)
    webrobots (0.0.13)
    xpath (1.0.0.beta1)
      nokogiri (~> 1.3)

PLATFORMS
  ruby

DEPENDENCIES
  activerecord-deprecated_finders!
  capistrano
  capistrano_colors
  capybara!
  coffee-rails!
  database_cleaner
  factory_girl
  guard
  guard-livereload
  i18n_generators!
  journey!
  jquery-rails
  launchy
  less-rails!
  mysql2
  octokit
  omniauth
  omniauth-github
  pry
  pry-debugger
  pry-remote
  pry-stack_explorer
  rack-livereload
  rails!
  rails_config
  rake
  rb-fsevent
  rspec!
  rspec-core!
  rspec-expectations!
  rspec-mocks!
  rspec-rails!
  sass-rails!
  sprockets!
  sprockets-rails!
  turbolinks
  twitter-bootstrap-rails!
  uglifier (>= 1.0.3)
  unicorn
